PATH
  remote: .
  specs:
    activesupport-deprecation_test_helper (0.1.2)
      activesupport (>= 5.2, < 7)

GEM
  remote: https://rubygems.org/
  specs:
    activesupport (6.0.3.2)
      concurrent-ruby (~> 1.0, >= 1.0.2)
      i18n (>= 0.7, < 2)
      minitest (~> 5.1)
      tzinfo (~> 1.1)
      zeitwerk (~> 2.2, >= 2.2.2)
    appraisal (2.4.1)
      bundler
      rake
      thor (>= 0.14.0)
    byebug (11.1.3)
    coderay (1.1.3)
    concurrent-ruby (1.1.6)
    diff-lcs (1.3)
    i18n (1.8.3)
      concurrent-ruby (~> 1.0)
    method_source (1.0.0)
    minitest (5.15.0)
    pry (0.13.1)
      coderay (~> 1.1)
      method_source (~> 1.0)
    pry-byebug (3.9.0)
      byebug (~> 11.0)
      pry (~> 0.13.0)
    rake (13.0.1)
    rspec (3.9.0)
      rspec-core (~> 3.9.0)
      rspec-expectations (~> 3.9.0)
      rspec-mocks (~> 3.9.0)
    rspec-core (3.9.2)
      rspec-support (~> 3.9.3)
    rspec-expectations (3.9.2)
      diff-lcs (>= 1.2.0, < 2.0)
      rspec-support (~> 3.9.0)
    rspec-mocks (3.9.1)
      diff-lcs (>= 1.2.0, < 2.0)
      rspec-support (~> 3.9.0)
    rspec-support (3.9.3)
    rspec_junit_formatter (0.4.1)
      rspec-core (>= 2, < 4, != 2.12.0)
    thor (1.1.0)
    thread_safe (0.3.6)
    tzinfo (1.2.7)
      thread_safe (~> 0.1)
    zeitwerk (2.3.0)

PLATFORMS
  ruby

DEPENDENCIES
  activesupport-deprecation_test_helper!
  appraisal
  pry
  pry-byebug
  rake (~> 13.0)
  rspec (~> 3.0)
  rspec_junit_formatter (~> 0.4)

BUNDLED WITH
   2.2.29
